GEM
  remote: https://rubygems.org/
  specs:
    json (2.3.1)
    mini_portile2 (2.4.0)
    nokogiri (1.10.10)
      mini_portile2 (~> 2.4.0)
    ruby-progressbar (1.10.1)

PLATFORMS
  ruby

DEPENDENCIES
  json
  nokogiri
  ruby-progressbar

RUBY VERSION
   ruby 2.7.2p137

BUNDLED WITH
   2.1.4
